GEM
  remote: https://rubygems.org/
  specs:
    ast (2.4.0)
    backports (3.17.2)
    ifchanged (1.0.1)
    multi_json (1.14.1)
    mustermann (1.1.1)
      ruby2_keywords (~> 0.0.1)
    opal (1.0.3)
      ast (>= 2.3.0)
      parser (~> 2.6)
    ovto (0.6.0)
      opal (>= 0.11, < 2)
      rack (~> 2.0)
      thor (~> 0.20)
    parser (2.7.1.3)
      ast (~> 2.4.0)
    rack (2.2.2)
    rack-protection (2.0.5)
      rack
    rake (13.0.1)
    ruby2_keywords (0.0.2)
    sinatra (2.0.5)
      mustermann (~> 1.0)
      rack (~> 2.0)
      rack-protection (= 2.0.5)
      tilt (~> 2.0)
    sinatra-contrib (2.0.5)
      backports (>= 2.8.2)
      multi_json
      mustermann (~> 1.0)
      rack-protection (= 2.0.5)
      sinatra (= 2.0.5)
      tilt (>= 1.3, < 3)
    thor (0.20.3)
    tilt (2.0.10)

PLATFORMS
  ruby

DEPENDENCIES
  ifchanged
  ovto
  rake
  sinatra (= 2.0.5)
  sinatra-contrib (= 2.0.5)

BUNDLED WITH
   1.17.3
